PATH
  remote: ../../gems/gdatastore_mapper
  specs:
    gdatastore_mapper (0.1.2bata)
      google-cloud (~> 0.27)

GEM
  remote: https://rubygems.org/
  specs:
    actioncable (5.0.2)
      actionpack (= 5.0.2)
      nio4r (>= 1.2, < 3.0)
      websocket-driver (~> 0.6.1)
    actionmailer (5.0.2)
      actionpack (= 5.0.2)
      actionview (= 5.0.2)
      activejob (= 5.0.2)
      mail (~> 2.5, >= 2.5.4)
      rails-dom-testing (~> 2.0)
    actionpack (5.0.2)
      actionview (= 5.0.2)
      activesupport (= 5.0.2)
      rack (~> 2.0)
      rack-test (~> 0.6.3)
      rails-dom-testing (~> 2.0)
      rails-html-sanitizer (~> 1.0, >= 1.0.2)
    actionview (5.0.2)
      activesupport (= 5.0.2)
      builder (~> 3.1)
      erubis (~> 2.7.0)
      rails-dom-testing (~> 2.0)
      rails-html-sanitizer (~> 1.0, >= 1.0.3)
    activejob (5.0.2)
      activesupport (= 5.0.2)
      globalid (>= 0.3.6)
    activemodel (5.0.2)
      activesupport (= 5.0.2)
    activerecord (5.0.2)
      activemodel (= 5.0.2)
      activesupport (= 5.0.2)
      arel (~> 7.0)
    activesupport (5.0.2)
      concurrent-ruby (~> 1.0, >= 1.0.2)
      i18n (~> 0.7)
      minitest (~> 5.1)
      tzinfo (~> 1.1)
    addressable (2.5.1)
      public_suffix (~> 2.0, >= 2.0.2)
    arel (7.1.4)
    bindex (0.5.0)
    builder (3.2.3)
    byebug (9.0.6)
    coderay (1.1.1)
    coffee-rails (4.2.1)
      coffee-script (>= 2.2.0)
      railties (>= 4.0.0, < 5.2.x)
    coffee-script (2.4.1)
      coffee-script-source
      execjs
    coffee-script-source (1.12.2)
    concurrent-ruby (1.0.5)
    declarative (0.0.9)
    declarative-option (0.1.0)
    digest-crc (0.4.1)
    erubis (2.7.0)
    execjs (2.7.0)
    faraday (0.12.0.1)
      multipart-post (>= 1.2, < 3)
    ffi (1.9.18)
    globalid (0.3.7)
      activesupport (>= 4.1.0)
    google-api-client (0.11.1)
      addressable (>= 2.5.1)
      googleauth (~> 0.5)
      httpclient (>= 2.8.1, < 3.0)
      mime-types (>= 3.0)
      representable (~> 3.0)
      retriable (>= 2.0, < 4.0)
    google-cloud (0.28.0)
      google-cloud-bigquery (~> 0.26.0)
      google-cloud-datastore (~> 1.0)
      google-cloud-dns (~> 0.24.0)
      google-cloud-error_reporting (~> 0.24.0)
      google-cloud-language (~> 0.26.0)
      google-cloud-logging (~> 1.0)
      google-cloud-monitoring (~> 0.24.0)
      google-cloud-pubsub (~> 0.24.0)
      google-cloud-resource_manager (~> 0.24.0)
      google-cloud-speech (~> 0.24.0)
      google-cloud-storage (~> 1.0)
      google-cloud-trace (~> 0.24.0)
      google-cloud-translate (~> 0.23.0)
      google-cloud-vision (~> 0.24.0)
    google-cloud-bigquery (0.26.0)
      google-api-client (~> 0.11.0)
      google-cloud-core (~> 1.0)
    google-cloud-core (1.0.0)
      google-cloud-env (~> 1.0)
      googleauth (~> 0.5.1)
    google-cloud-datastore (1.0.0)
      google-cloud-core (~> 1.0)
      google-gax (~> 0.8.0)
    google-cloud-dns (0.24.0)
      google-api-client (~> 0.11.0)
      google-cloud-core (~> 1.0)
      zonefile (~> 1.04)
    google-cloud-env (1.0.0)
      faraday (~> 0.11)
    google-cloud-error_reporting (0.24.0)
      google-cloud-core (~> 1.0)
      google-gax (~> 0.8.0)
    google-cloud-language (0.26.2)
      google-cloud-core (~> 1.0)
      google-gax (~> 0.8.2)
    google-cloud-logging (1.0.0)
      google-cloud-core (~> 1.0)
      google-gax (~> 0.8.0)
      stackdriver-core (~> 1.0)
    google-cloud-monitoring (0.24.0)
      google-gax (~> 0.8.0)
    google-cloud-pubsub (0.24.0)
      google-cloud-core (~> 1.0)
      google-gax (~> 0.8.0)
      grpc-google-iam-v1 (~> 0.6.8)
    google-cloud-resource_manager (0.24.1)
      google-api-client (~> 0.11.0)
      google-cloud-core (~> 1.0)
    google-cloud-speech (0.24.0)
      google-cloud-core (~> 1.0)
      google-gax (~> 0.8.2)
    google-cloud-storage (1.0.1)
      digest-crc (~> 0.4)
      google-api-client (~> 0.11.0)
      google-cloud-core (~> 1.0)
    google-cloud-trace (0.24.0)
      google-cloud-core (~> 1.0)
      google-gax (~> 0.8.0)
      stackdriver-core (~> 1.0)
    google-cloud-translate (0.23.0)
      google-cloud-core (~> 1.0)
      googleauth (~> 0.5.1)
    google-cloud-vision (0.24.0)
      google-cloud-core (~> 1.0)
      google-gax (~> 0.8.0)
    google-gax (0.8.2)
      google-protobuf (~> 3.2)
      googleapis-common-protos (~> 1.3.5)
      googleauth (~> 0.5.1)
      grpc (~> 1.0)
      rly (~> 0.2.3)
    google-protobuf (3.2.0.2-universal-darwin)
    googleapis-common-protos (1.3.5)
      google-protobuf (~> 3.2)
      grpc (~> 1.0)
    googleauth (0.5.1)
      faraday (~> 0.9)
      jwt (~> 1.4)
      logging (~> 2.0)
      memoist (~> 0.12)
      multi_json (~> 1.11)
      os (~> 0.9)
      signet (~> 0.7)
    grpc (1.2.2-universal-darwin)
      google-protobuf (~> 3.1)
      googleauth (~> 0.5.1)
    grpc-google-iam-v1 (0.6.8)
      googleapis-common-protos (~> 1.3.1)
      googleauth (~> 0.5.1)
      grpc (~> 1.0)
    httpclient (2.8.3)
    i18n (0.8.1)
    jbuilder (2.6.3)
      activesupport (>= 3.0.0, < 5.2)
      multi_json (~> 1.2)
    jquery-rails (4.3.1)
      rails-dom-testing (>= 1, < 3)
      railties (>= 4.2.0)
      thor (>= 0.14, < 2.0)
    jwt (1.5.6)
    listen (3.0.8)
      rb-fsevent (~> 0.9, >= 0.9.4)
      rb-inotify (~> 0.9, >= 0.9.7)
    little-plugger (1.1.4)
    logging (2.2.2)
      little-plugger (~> 1.1)
      multi_json (~> 1.10)
    loofah (2.0.3)
      nokogiri (>= 1.5.9)
    mail (2.6.4)
      mime-types (>= 1.16, < 4)
    memoist (0.15.0)
    method_source (0.8.2)
    mime-types (3.1)
      mime-types-data (~> 3.2015)
    mime-types-data (3.2016.0521)
    mini_portile2 (2.1.0)
    minitest (5.10.1)
    multi_json (1.12.1)
    multipart-post (2.0.0)
    nio4r (2.0.0)
    nokogiri (1.7.1)
      mini_portile2 (~> 2.1.0)
    os (0.9.6)
    pry (0.10.4)
      coderay (~> 1.1.0)
      method_source (~> 0.8.1)
      slop (~> 3.4)
    pry-byebug (3.4.2)
      byebug (~> 9.0)
      pry (~> 0.10)
    pry-doc (0.10.0)
      pry (~> 0.9)
      yard (~> 0.9)
    pry-rails (0.3.6)
      pry (>= 0.10.4)
    public_suffix (2.0.5)
    puma (3.8.2)
    rack (2.0.1)
    rack-test (0.6.3)
      rack (>= 1.0)
    rails (5.0.2)
      actioncable (= 5.0.2)
      actionmailer (= 5.0.2)
      actionpack (= 5.0.2)
      actionview (= 5.0.2)
      activejob (= 5.0.2)
      activemodel (= 5.0.2)
      activerecord (= 5.0.2)
      activesupport (= 5.0.2)
      bundler (>= 1.3.0, < 2.0)
      railties (= 5.0.2)
      sprockets-rails (>= 2.0.0)
    rails-dom-testing (2.0.2)
      activesupport (>= 4.2.0, < 6.0)
      nokogiri (~> 1.6)
    rails-html-sanitizer (1.0.3)
      loofah (~> 2.0)
    railties (5.0.2)
      actionpack (= 5.0.2)
      activesupport (= 5.0.2)
      method_source
      rake (>= 0.8.7)
      thor (>= 0.18.1, < 2.0)
    rake (12.0.0)
    rb-fsevent (0.9.8)
    rb-inotify (0.9.8)
      ffi (>= 0.5.0)
    representable (3.0.3)
      declarative (< 0.1.0)
      declarative-option (< 0.2.0)
      uber (< 0.2.0)
    retriable (3.0.1)
    rly (0.2.3)
    sass (3.4.23)
    sass-rails (5.0.6)
      railties (>= 4.0.0, < 6)
      sass (~> 3.1)
      sprockets (>= 2.8, < 4.0)
      sprockets-rails (>= 2.0, < 4.0)
      tilt (>= 1.1, < 3)
    signet (0.7.3)
      addressable (~> 2.3)
      faraday (~> 0.9)
      jwt (~> 1.5)
      multi_json (~> 1.10)
    slop (3.6.0)
    spring (2.0.1)
      activesupport (>= 4.2)
    spring-watcher-listen (2.0.1)
      listen (>= 2.7, < 4.0)
      spring (>= 1.2, < 3.0)
    sprockets (3.7.1)
      concurrent-ruby (~> 1.0)
      rack (> 1, < 3)
    sprockets-rails (3.2.0)
      actionpack (>= 4.0)
      activesupport (>= 4.0)
      sprockets (>= 3.0.0)
    stackdriver-core (1.0.0)
    thor (0.19.4)
    thread_safe (0.3.6)
    tilt (2.0.7)
    turbolinks (5.0.1)
      turbolinks-source (~> 5)
    turbolinks-source (5.0.0)
    tzinfo (1.2.3)
      thread_safe (~> 0.1)
    uber (0.1.0)
    uglifier (3.2.0)
      execjs (>= 0.3.0, < 3)
    web-console (3.5.0)
      actionview (>= 5.0)
      activemodel (>= 5.0)
      bindex (>= 0.4.0)
      railties (>= 5.0)
    websocket-driver (0.6.5)
      websocket-extensions (>= 0.1.0)
    websocket-extensions (0.1.2)
    yard (0.9.8)
    zonefile (1.04)

PLATFORMS
  ruby

DEPENDENCIES
  byebug
  coffee-rails (~> 4.2)
  gdatastore_mapper!
  google-cloud
  jbuilder (~> 2.5)
  jquery-rails
  listen (~> 3.0.5)
  pry-byebug
  pry-doc
  pry-rails
  puma (~> 3.0)
  rails (~> 5.0.2)
  sass-rails (~> 5.0)
  spring
  spring-watcher-listen (~> 2.0.0)
  turbolinks (~> 5)
  tzinfo-data
  uglifier (>= 1.3.0)
  web-console (>= 3.3.0)

BUNDLED WITH
   1.14.6
